GEM
  remote: https://rubygems.org/
  specs:
    amq-protocol (2.3.0)
    bunny (2.14.1)
      amq-protocol (~> 2.3, >= 2.3.0)
    byebug (11.0.1)
    database_cleaner (1.7.0)
    redis (4.1.0)

PLATFORMS
  ruby

DEPENDENCIES
  bunny
  byebug
  database_cleaner
  redis

BUNDLED WITH
   2.0.1
